PATH
  remote: .
  specs:
    patron (0.4.18)

GEM
  remote: http://rubygems.org/
  specs:
    diff-lcs (1.1.3)
    docile (1.1.0)
    multi_json (1.8.2)
    rake (0.9.2.2)
    rake-compiler (0.7.9)
      rake
    rspec (2.7.0)
      rspec-core (~> 2.7.0)
      rspec-expectations (~> 2.7.0)
      rspec-mocks (~> 2.7.0)
    rspec-core (2.7.1)
    rspec-expectations (2.7.0)
      diff-lcs (~> 1.1.2)
    rspec-mocks (2.7.0)
    simplecov (0.8.2)
      docile (~> 1.1.0)
      multi_json
      simplecov-html (~> 0.8.0)
    simplecov-html (0.8.0)

PLATFORMS
  ruby

DEPENDENCIES
  bundler (>= 1.0.0)
  patron!
  rake-compiler (>= 0.7.5)
  rspec (>= 2.3.0)
  simplecov (>= 0.8.2)
